GEM
  remote: https://rubygems.org/
  remote: https://7NR12BTztynvPnaVtKvs@gem.fury.io/jobaq/
  specs:
    activemodel (4.2.6)
      activesupport (= 4.2.6)
      builder (~> 3.1)
    activerecord (4.2.6)
      activemodel (= 4.2.6)
      activesupport (= 4.2.6)
      arel (~> 6.0)
    activesupport (4.2.6)
      i18n (~> 0.7)
      json (~> 1.7, >= 1.7.7)
      minitest (~> 5.1)
      thread_safe (~> 0.3, >= 0.3.4)
      tzinfo (~> 1.1)
    aescrypt (1.0.0)
    arel (6.0.3)
    builder (3.2.2)
    daemons (1.2.3)
    diff-lcs (1.2.5)
    dotenv (2.0.2)
    eventmachine (1.2.0.1)
    i18n (0.7.0)
    job-integration-contrib (0.1.6)
      activesupport (~> 4.2.5)
      aescrypt (~> 1.0.0)
      dotenv (~> 2.0.2)
      rake (~> 10.4.2)
      sinatra-rest-base-cb (~> 1.0)
    jsmin (1.0.1)
    json (1.8.2)
    minitest (5.8.4)
    pg (0.18.4)
    rack (1.6.4)
    rack-protection (1.5.3)
      rack
    rack-test (0.6.3)
      rack (>= 1.0)
    rake (10.4.2)
    rspec (3.4.0)
      rspec-core (~> 3.4.0)
      rspec-expectations (~> 3.4.0)
      rspec-mocks (~> 3.4.0)
    rspec-core (3.4.4)
      rspec-support (~> 3.4.0)
    rspec-expectations (3.4.0)
      diff-lcs (>= 1.2.0, < 2.0)
      rspec-support (~> 3.4.0)
    rspec-mocks (3.4.1)
      diff-lcs (>= 1.2.0, < 2.0)
      rspec-support (~> 3.4.0)
    rspec-support (3.4.1)
    sinatra (1.4.7)
      rack (~> 1.5)
      rack-protection (~> 1.4)
      tilt (>= 1.3, < 3)
    sinatra-activerecord (2.0.9)
      activerecord (>= 3.2)
      sinatra (~> 1.0)
    sinatra-assetpack (0.3.1)
      jsmin
      rack-test
      sinatra
      tilt (>= 1.3.0)
    sinatra-cross_origin (0.3.2)
    sinatra-rest-base-cb (1.0.34)
      activesupport (~> 4.1)
      builder (~> 3.2)
      json (~> 1.8)
      sinatra (~> 1.4)
      sinatra-assetpack (~> 0.3)
      sinatra-cross_origin (~> 0.3)
      staccato (~> 0.4.2)
      thin (~> 1.6)
    staccato (0.4.5)
    thin (1.6.4)
      daemons (~> 1.0, >= 1.0.9)
      eventmachine (~> 1.0, >= 1.0.4)
      rack (~> 1.0)
    thread_safe (0.3.5)
    tilt (2.0.2)
    tzinfo (1.2.2)
      thread_safe (~> 0.1)
    xml-simple (1.1.5)

PLATFORMS
  ruby

DEPENDENCIES
  dotenv (~> 2.0.2)
  job-integration-contrib (~> 0.1.4)!
  json (= 1.8.2)
  pg
  rspec
  sinatra
  sinatra-activerecord (~> 2.0.5)
  thin
  xml-simple

BUNDLED WITH
   1.11.2
